GEM
  remote: https://rubygems.org/
  specs:
    bourbon (3.1.1)
      sass (>= 3.2.0)
      thor
    chunky_png (1.2.7)
    compass (0.12.2)
      chunky_png (~> 1.2)
      fssm (>= 0.2.7)
      sass (~> 3.1)
    fssm (0.2.10)
    sass (3.2.6)
    sass-globbing (1.0.0)
      sass (>= 3.1)
    thor (0.17.0)

PLATFORMS
  ruby

DEPENDENCIES
  bourbon (= 3.1.1)
  compass (= 0.12.2)
  sass-globbing (= 1.0.0)
